GEM
  remote: https://rubygems.org/
  specs:
    childprocess (0.6.3)
      ffi (~> 1.0, >= 1.0.11)
    cmdparse (3.0.3)
    connection_pool (2.2.1)
    domain_name (0.5.20170404)
      unf (>= 0.0.5, < 1.0.0)
    ffi (1.9.18)
    highline (1.7.8)
    http-cookie (1.0.3)
      domain_name (~> 0.5)
    json (1.8.6)
    mime-types (2.99.3)
    net-http-persistent (3.0.0)
      connection_pool (~> 2.2)
    net-ssh (4.1.0)
    net-ssh-gateway (2.0.0)
      net-ssh (>= 4.0.0)
    netrc (0.11.0)
    parallel (1.11.1)
    parallel_tests (1.3.7)
      parallel
    rest-client (1.8.0)
      http-cookie (>= 1.0.2, < 2.0)
      mime-types (>= 1.16, < 3.0)
      netrc (~> 0.7)
    rubyzip (1.2.1)
    sauce (3.7.2)
      childprocess (>= 0.1.6)
      cmdparse (>= 2.0.2)
      highline (>= 1.5.0)
      json (>= 1.2.0)
      net-http-persistent
      net-ssh
      net-ssh-gateway
      parallel_tests (>= 1.1.1, <= 1.3.7)
      rest-client
      sauce_whisk (~> 0.0.11)
      selenium-webdriver (>= 0.1.2)
    sauce-connect (3.6.3)
      sauce (~> 3.7)
    sauce_whisk (0.0.21)
      json (~> 1.8.1)
      rest-client (~> 1.8.0)
    selenium-webdriver (3.3.0)
      childprocess (~> 0.5)
      rubyzip (~> 1.0)
      websocket (~> 1.0)
    unf (0.1.4)
      unf_ext
    unf_ext (0.0.7.2)
    watir (6.2.1)
      selenium-webdriver (~> 3.0)
    websocket (1.2.4)

PLATFORMS
  ruby

DEPENDENCIES
  sauce-connect
  selenium-webdriver
  watir (>= 6.2.1)

BUNDLED WITH
   1.14.6
